GIT
  remote: https://github.com/puppetlabs/beaker
  revision: dbac20fe9cbe5d581564a64934bec82fc3b1cabc
  ref: dbac20fe9
  specs:
    beaker (1.6.2)
      blimpy (~> 0.6)
      fission (~> 0.4)
      inifile (~> 2.0)
      json (~> 1.8)
      mime-types (~> 1.25)
      net-scp (~> 1.1)
      net-ssh (~> 2.6)
      nokogiri (= 1.5.10)
      rbvmomi (= 1.8.1)
      unf (~> 0.1)

GIT
  remote: https://github.com/rodjek/rspec-puppet.git
  revision: 544b168390001eba8941f36b466afa4f26e89057
  ref: 544b168
  specs:
    rspec-puppet (1.0.1)
      rspec

GEM
  remote: https://rubygems.org/
  specs:
    CFPropertyList (2.3.1)
    beaker-rspec (2.2.0)
      beaker (~> 1.3)
      rspec (~> 2.14)
      serverspec (~> 0.14)
      specinfra (~> 0.3)
    blimpy (0.6.7)
      fog
      minitar
      thor
    builder (3.2.2)
    coderay (1.1.0)
    coveralls (0.8.2)
      json (~> 1.8)
      rest-client (>= 1.6.8, < 2)
      simplecov (~> 0.10.0)
      term-ansicolor (~> 1.3)
      thor (~> 0.19.1)
    diff-lcs (1.2.5)
    docile (1.1.5)
    domain_name (0.5.24)
      unf (>= 0.0.5, < 1.0.0)
    excon (0.31.0)
    facter (1.7.6)
    fission (0.5.0)
      CFPropertyList (~> 2.2)
    fog (1.19.0)
      builder
      excon (~> 0.31.0)
      formatador (~> 0.2.0)
      mime-types
      multi_json (~> 1.0)
      net-scp (~> 1.1)
      net-ssh (>= 2.1.3)
      nokogiri (~> 1.5)
      ruby-hmac
    formatador (0.2.5)
    hiera (1.3.4)
      json_pure
    highline (1.7.2)
    http-cookie (1.0.2)
      domain_name (~> 0.5)
    inifile (2.0.2)
    json (1.8.3)
    json_pure (1.8.2)
    metaclass (0.0.4)
    method_source (0.8.2)
    mime-types (1.25.1)
    minitar (0.5.4)
    mocha (1.1.0)
      metaclass (~> 0.0.1)
    multi_json (1.11.2)
    net-scp (1.2.1)
      net-ssh (>= 2.6.5)
    net-ssh (2.9.2)
    netrc (0.10.3)
    nokogiri (1.5.10)
    pry (0.10.1)
      coderay (~> 1.1.0)
      method_source (~> 0.8.1)
      slop (~> 3.4)
    puppet (3.8.1)
      facter (> 1.6, < 3)
      hiera (~> 1.0)
      json_pure
    puppet-lint (1.1.0)
    puppet-syntax (2.0.0)
      rake
    puppetlabs_spec_helper (0.10.3)
      mocha
      puppet-lint
      puppet-syntax
      rake
      rspec-puppet
    rake (10.4.2)
    rbvmomi (1.8.1)
      builder
      nokogiri (>= 1.4.1)
      trollop
    redcarpet (2.3.0)
    rest-client (1.8.0)
      http-cookie (>= 1.0.2, < 2.0)
      mime-types (>= 1.16, < 3.0)
      netrc (~> 0.7)
    rspec (2.99.0)
      rspec-core (~> 2.99.0)
      rspec-expectations (~> 2.99.0)
      rspec-mocks (~> 2.99.0)
    rspec-core (2.99.2)
    rspec-expectations (2.99.2)
      diff-lcs (>= 1.1.3, < 2.0)
    rspec-mocks (2.99.4)
    ruby-augeas (0.5.0)
    ruby-hmac (0.4.0)
    serverspec (0.16.0)
      highline
      net-ssh
      rspec (~> 2.13)
      specinfra (>= 0.7.1)
    simplecov (0.10.0)
      docile (~> 1.1.0)
      json (~> 1.8)
      simplecov-html (~> 0.10.0)
    simplecov-html (0.10.0)
    slop (3.6.0)
    specinfra (0.8.0)
    term-ansicolor (1.3.2)
      tins (~> 1.0)
    thor (0.19.1)
    tins (1.5.4)
    trollop (2.1.2)
    unf (0.1.4)
      unf_ext
    unf_ext (0.0.7.1)
    vagrant-wrapper (2.0.2)
    yard (0.8.7.6)

PLATFORMS
  ruby

DEPENDENCIES
  beaker!
  beaker-rspec
  coveralls
  pry
  puppet (~> 3.0)
  puppet-lint
  puppet-syntax
  puppetlabs_spec_helper (>= 0.4.1)
  rake
  redcarpet (~> 2.0)
  rspec-puppet!
  ruby-augeas (~> 0.3)
  simplecov
  vagrant-wrapper
  yard
